GEM
  remote: https://rubygems.org/
  specs:
    cql-rb (1.2.0)
    diff-lcs (1.2.5)
    jruby-kafka (0.0.12)
    rake (10.1.1)
    redstorm (0.6.6)
      rake
    rspec (2.14.1)
      rspec-core (~> 2.14.0)
      rspec-expectations (~> 2.14.0)
      rspec-mocks (~> 2.14.0)
    rspec-core (2.14.7)
    rspec-expectations (2.14.5)
      diff-lcs (>= 1.1.3, < 2.0)
    rspec-mocks (2.14.6)

PLATFORMS
  java
  ruby

DEPENDENCIES
  cql-rb
  jruby-kafka
  rake
  redstorm (~> 0.6.6)
  rspec (~> 2.13)
