GEM
  remote: https://rubygems.org/
  specs:
    diff-lcs (1.2.5)
    linecache (0.46)
      rbx-require-relative (> 0.0.4)
    rake (10.1.1)
    rbx-require-relative (0.0.9)
    redstorm (0.6.6)
      rake
    rspec (2.14.1)
      rspec-core (~> 2.14.0)
      rspec-expectations (~> 2.14.0)
      rspec-mocks (~> 2.14.0)
    rspec-core (2.14.7)
    rspec-expectations (2.14.5)
      diff-lcs (>= 1.1.3, < 2.0)
    rspec-mocks (2.14.6)
    ruby-debug-base (0.10.4)
      linecache (>= 0.3)
    ruby-debug-base (0.10.4-java)

PLATFORMS
  java
  ruby

DEPENDENCIES
  rake
  redstorm (~> 0.6.6)
  rspec (~> 2.13)
  ruby-debug-base
